GEM
  remote: https://rubygems.org/
  specs:
    cancan (1.6.10)

PLATFORMS
  ruby

DEPENDENCIES
  cancan
